GEM
  remote: https://rubygems.org/
  specs:
    eventmachine (1.2.7)

PLATFORMS
  x86_64-darwin-20

DEPENDENCIES
  bundler
  eventmachine (= 1.2.7)

BUNDLED WITH
   2.2.24
